GEM
  remote: http://rubygems.org/
  specs:
    rack (1.4.1)
    redis (2.2.0)
    sinatra (1.2.6)
      rack (~> 1.1)
      tilt (>= 1.2.2, < 2.0)
    sinatra-redis (0.3.0)
      redis
      sinatra (>= 0.9.4)
    tilt (1.3.3)

PLATFORMS
  ruby

DEPENDENCIES
  redis
  sinatra
  sinatra-redis
